GIT
  remote: https://github.com/cloudwalkio/da_funk.git
  revision: 045766421339dd7d660ab4f28974f8e37f4e9bbf
  specs:
    da_funk (0.3.2)
      bundler (>= 1.7)
      rake (~> 10.4.2)
      yard (~> 0.8)

GIT
  remote: https://github.com/scalone/walk-simplehttp-poc.git
  revision: 4e25bd8e1b2cf9f45db1f0c72e9e213a21c817b6
  specs:
    simplehttp (0.1.0)

GEM
  remote: https://rubygems.org/
  specs:
    rake (10.4.2)
    yard (0.8.7.6)

PLATFORMS
  ruby

DEPENDENCIES
  da_funk!
  rake
  simplehttp!
