GIT
  remote: https://github.com/cloudwalkio/da_funk.git
  revision: d23aff71d8fe62c0b04b3f83f3b57679f737dc55
  specs:
    da_funk (0.4.13)
      bundler (~> 1.7)
      cloudwalk_handshake (~> 0.4)
      rake (~> 10.4)
      yard (~> 0.8)

GIT
  remote: https://github.com/scalone/walk-simplehttp-poc.git
  revision: 9dad485f7a7c4e783651805b3e75a4779629b0cb
  specs:
    simplehttp (0.4.0)

GEM
  remote: https://rubygems.org/
  specs:
    cloudwalk_handshake (0.4.4)
    rake (10.4.2)
    yard (0.8.7.6)

PLATFORMS
  ruby
  x86-mingw32

DEPENDENCIES
  da_funk!
  rake
  simplehttp!
