GIT
  remote: https://github.com/cloudwalkio/da_funk.git
  revision: 2b733d1fefd0e3399fd0a3855c682435813a9ce3
  specs:
    da_funk (0.4.7)
      bundler (~> 1.7)
      rake (~> 10.4)
      yard (~> 0.8)

GIT
  remote: https://github.com/scalone/walk-simplehttp-poc.git
  revision: 9dad485f7a7c4e783651805b3e75a4779629b0cb
  specs:
    simplehttp (0.4.0)

GEM
  remote: https://rubygems.org/
  specs:
    rake (10.4.2)
    yard (0.8.7.6)

PLATFORMS
  ruby

DEPENDENCIES
  da_funk!
  rake
  simplehttp!
