GIT
  remote: https://github.com/cloudwalkio/da_funk.git
  revision: c0c5dcd12c0a00e5507b05b8ffe48b70916cf9bb
  specs:
    da_funk (0.4.9)
      bundler (~> 1.7)
      cloudwalk_handshake (~> 0.3)
      rake (~> 10.4)
      yard (~> 0.8)

GIT
  remote: https://github.com/scalone/walk-simplehttp-poc.git
  revision: 9dad485f7a7c4e783651805b3e75a4779629b0cb
  specs:
    simplehttp (0.4.0)

GEM
  remote: https://rubygems.org/
  specs:
    cloudwalk_handshake (0.4.2)
    rake (10.4.2)
    yard (0.8.7.6)

PLATFORMS
  ruby
  x86-mingw32

DEPENDENCIES
  da_funk!
  rake
  simplehttp!
