GIT
  remote: https://github.com/cloudwalkio/da_funk.git
  revision: 035bd23e9b40c0899cc0ae3964bba310aca41140
  specs:
    da_funk (0.5.0)
      bundler (~> 1.7)
      cloudwalk_handshake (~> 0.4)
      rake (~> 10.4)
      yard (~> 0.8)

GIT
  remote: https://github.com/scalone/walk-simplehttp-poc.git
  revision: 5b1e7813e9b5653d3005f799a1a4bd3871596dd9
  specs:
    simplehttp (0.4.1)

GEM
  remote: https://rubygems.org/
  specs:
    cloudwalk_handshake (0.4.11)
    rake (10.4.2)
    yard (0.8.7.6)

PLATFORMS
  ruby
  x86-mingw32

DEPENDENCIES
  da_funk!
  rake
  simplehttp!
